GIT
  remote: https://github.com/yurinnick/ruby-dockerfile-parser
  revision: 686cc39fd6e23717ad4c94e14d31ef974296f35e
  specs:
    dockerfile_parser (0.4.0)

GEM
  remote: https://rubygems.org/
  specs:
    addressable (2.6.0)
      public_suffix (>= 2.0.2, < 4.0)
    cookiejar (0.3.3)
    em-http-request (1.1.5)
      addressable (>= 2.3.4)
      cookiejar (!= 0.3.1)
      em-socksify (>= 0.3)
      eventmachine (>= 1.0.3)
      http_parser.rb (>= 0.6.0)
    em-socksify (0.3.2)
      eventmachine (>= 1.0.0.beta.4)
    eventmachine (1.2.7)
    http_parser.rb (0.6.0)
    public_suffix (3.1.1)

PLATFORMS
  ruby

DEPENDENCIES
  dockerfile_parser!
  em-http-request
  eventmachine

BUNDLED WITH
   2.0.2
